GIT
  remote: git://github.com/lsegal/yard
  revision: f67ed862153afeca39dcb29325cf429d0ba6f230
  specs:
    yard (0.9.6)

GIT
  remote: https://github.com/domcleal/puppet-strings
  revision: c09cda723af5d34147e26ee62906fe05aac871c6
  branch: PDOC-159-namespace-links
  specs:
    puppet-strings (1.0.0)
      yard (~> 0.9.5)

GEM
  remote: https://rubygems.org/
  specs:
    RedCloth (4.2.9)
    activesupport (4.0.0)
      i18n (~> 0.6, >= 0.6.4)
      minitest (~> 4.2)
      multi_json (~> 1.3)
      thread_safe (~> 0.1)
      tzinfo (~> 0.3.37)
    airbrake (3.1.13)
      builder
      json
    asciidoctor (0.1.3)
    atomic (1.1.13)
    bluecloth (2.2.0)
    builder (3.2.2)
    diff-lcs (1.5.0)
    facter (2.4.6)
    faraday (0.9.2)
      multipart-post (>= 1.2, < 3)
    faraday_middleware (0.10.1)
      faraday (>= 0.7.4, < 1.0)
    fast_gettext (1.1.0)
    gettext (3.2.2)
      locale (>= 2.0.5)
      text (>= 1.3.0)
    gettext-setup (0.11)
      fast_gettext (~> 1.1.0)
      gettext (>= 3.0.2)
      locale
    github-markup (0.7.5)
    hiera (3.1.2)
      json_pure
    i18n (0.6.5)
    json (1.8.3)
    json_pure (1.8.3)
    kramdown (1.1.0)
    locale (2.1.2)
    maruku (0.6.1)
      syntax (>= 1.0.0)
    minitar (0.5.4)
    minitest (4.7.5)
    multi_json (1.7.9)
    multipart-post (2.0.0)
    net-http-persistent (2.9)
    passenger (5.1.1)
      rack
      rake (>= 0.8.1)
    pg (0.19.0)
    puma (3.4.0)
    puppet (4.4.2)
      facter (> 2.0, < 4)
      hiera (>= 2.0, < 4)
      json_pure
    puppet_forge (2.2.2)
      faraday (~> 0.9.0)
      faraday_middleware (>= 0.9.0, < 0.11.0)
      gettext-setup (>= 0.3)
      minitar
      semantic_puppet (~> 0.1.0)
    rack (1.6.4)
    rack-protection (1.5.0)
      rack
    rack-timeout (0.4.2)
    rake (11.2.2)
    rdiscount (2.1.7)
    rdoc (3.9.4)
    redcarpet (2.3.0)
    rspec (3.12.0)
      rspec-core (~> 3.12.0)
      rspec-expectations (~> 3.12.0)
      rspec-mocks (~> 3.12.0)
    rspec-core (3.12.2)
      rspec-support (~> 3.12.0)
    rspec-expectations (3.12.3)
      diff-lcs (>= 1.2.0, < 2.0)
      rspec-support (~> 3.12.0)
    rspec-mocks (3.12.6)
      diff-lcs (>= 1.2.0, < 2.0)
      rspec-support (~> 3.12.0)
    rspec-support (3.12.1)
    semantic_puppet (0.1.4)
      gettext-setup (>= 0.3)
    sequel (4.1.1)
    sinatra (1.4.3)
      rack (~> 1.4)
      rack-protection (~> 1.4)
      tilt (~> 1.3, >= 1.3.4)
    sqlite3 (1.3.9)
    syntax (1.0.0)
    text (1.3.1)
    thread_safe (0.1.2)
      atomic
    tilt (1.4.1)
    tzinfo (0.3.37)
    version_sorter (2.0.0)
    yard-kramdown (0.0.1)
    yard-rails (0.3.0)
      yard
    yard-sd (0.0.4)

PLATFORMS
  ruby

DEPENDENCIES
  RedCloth
  activesupport
  airbrake
  asciidoctor
  bluecloth
  github-markup
  i18n
  json
  kramdown
  maruku
  net-http-persistent (~> 2.0)
  passenger
  pg
  puma
  puppet
  puppet-strings!
  puppet_forge
  rack-timeout
  rake
  rdiscount
  rdoc (= 3.9.4)
  redcarpet (= 2.3.0)
  rspec (~> 3.12.0)
  sequel
  sinatra (>= 1.3)
  sqlite3
  syntax
  version_sorter
  yard!
  yard-kramdown
  yard-rails
  yard-sd

BUNDLED WITH
   1.13.6
