GEM
  remote: https://rubygems.org/
  specs:
    RedCloth (4.3.3)
    activesupport (7.1.3)
      base64
      bigdecimal
      concurrent-ruby (~> 1.0, >= 1.0.2)
      connection_pool (>= 2.2.5)
      drb
      i18n (>= 1.6, < 2)
      minitest (>= 5.1)
      mutex_m
      tzinfo (~> 2.0)
    airbrake (13.0.4)
      airbrake-ruby (~> 6.0)
    airbrake-ruby (6.2.2)
      rbtree3 (~> 0.6)
    asciidoctor (2.0.20)
    base64 (0.2.0)
    bigdecimal (3.1.5)
    bluecloth (2.2.0)
    concurrent-ruby (1.2.3)
    connection_pool (2.4.1)
    deep_merge (1.2.2)
    diff-lcs (1.5.0)
    drb (2.2.0)
      ruby2_keywords
    facter (4.5.2)
      hocon (~> 1.3)
      thor (>= 1.0.1, < 2.0)
    faraday (2.7.12)
      base64
      faraday-net_http (>= 2.0, < 3.1)
      ruby2_keywords (>= 0.0.4)
    faraday-follow_redirects (0.3.0)
      faraday (>= 1, < 3)
    faraday-net_http (3.0.2)
    fast_gettext (2.3.0)
    github-markup (4.0.2)
    hocon (1.4.0)
    i18n (1.14.1)
      concurrent-ruby (~> 1.0)
    json (2.7.1)
    kramdown (2.4.0)
      rexml
    locale (2.1.3)
    maruku (0.7.3)
    minitar (0.9)
    minitest (5.21.1)
    multi_json (1.15.0)
    mutex_m (0.2.0)
    net-http-persistent (4.0.2)
      connection_pool (~> 2.2)
    nio4r (2.7.0)
    passenger (6.0.19)
      rack
      rake (>= 0.8.1)
    pg (1.5.4)
    psych (5.1.1.1)
      stringio
    puma (6.4.2)
      nio4r (~> 2.0)
    puppet (8.4.0)
      concurrent-ruby (~> 1.0)
      deep_merge (~> 1.0)
      facter (>= 4.3.0, < 5)
      fast_gettext (>= 2.1, < 3)
      locale (~> 2.1)
      multi_json (~> 1.13)
      puppet-resource_api (~> 1.5)
      scanf (~> 1.0)
      semantic_puppet (~> 1.0)
    puppet-resource_api (1.9.0)
      hocon (>= 1.0)
    puppet-strings (4.1.2)
      rgen (~> 0.9)
      yard (~> 0.9)
    puppet_forge (5.0.3)
      faraday (~> 2.0)
      faraday-follow_redirects (~> 0.3.0)
      minitar
      semantic_puppet (~> 1.0)
    rack (1.6.13)
    rack-protection (1.5.5)
      rack
    rack-timeout (0.6.3)
    rake (13.1.0)
    rbtree3 (0.7.1)
    rdiscount (2.2.7.1)
    rdoc (6.6.2)
      psych (>= 4.0.0)
    redcarpet (3.6.0)
    rexml (3.2.6)
    rgen (0.9.1)
    rspec (3.12.0)
      rspec-core (~> 3.12.0)
      rspec-expectations (~> 3.12.0)
      rspec-mocks (~> 3.12.0)
    rspec-core (3.12.2)
      rspec-support (~> 3.12.0)
    rspec-expectations (3.12.3)
      diff-lcs (>= 1.2.0, < 2.0)
      rspec-support (~> 3.12.0)
    rspec-mocks (3.12.6)
      diff-lcs (>= 1.2.0, < 2.0)
      rspec-support (~> 3.12.0)
    rspec-support (3.12.1)
    ruby2_keywords (0.0.5)
    scanf (1.0.0)
    sd_notify (0.1.1)
    semantic_puppet (1.1.0)
    sequel (5.75.0)
      bigdecimal
    sinatra (1.4.8)
      rack (~> 1.5)
      rack-protection (~> 1.4)
      tilt (>= 1.3, < 3)
    sqlite3 (1.6.9)
    stringio (3.1.0)
    syntax (1.2.2)
    thor (1.3.0)
    tilt (2.3.0)
    tzinfo (2.0.6)
      concurrent-ruby (~> 1.0)
    version_sorter (2.3.0)
    yard (0.9.34)
    yard-kramdown (0.0.1)
    yard-rails (0.3.0)
      yard
    yard-sd (0.0.4)

PLATFORMS
  ruby

DEPENDENCIES
  RedCloth
  activesupport
  airbrake
  asciidoctor
  bluecloth
  github-markup
  i18n
  json
  kramdown
  maruku
  net-http-persistent (~> 4.0, >= 4.0.2)
  passenger
  pg
  puma
  puppet
  puppet-strings (~> 4.1, >= 4.1.2)
  puppet_forge
  rack-timeout
  rake
  rdiscount
  rdoc (~> 6.6)
  redcarpet (~> 3.6)
  rspec (~> 3.12)
  sd_notify (~> 0.1.1)
  sequel
  sinatra (~> 1.4, >= 1.4.8)
  sqlite3
  syntax
  version_sorter
  yard
  yard-kramdown
  yard-rails
  yard-sd

BUNDLED WITH
   2.4.22
