GEM
  remote: https://rubygems.org/
  specs:
    RedCloth (4.3.2)
    activesupport (7.0.4.2)
      concurrent-ruby (~> 1.0, >= 1.0.2)
      i18n (>= 1.6, < 2)
      minitest (>= 5.1)
      tzinfo (~> 2.0)
    airbrake (13.0.3)
      airbrake-ruby (~> 6.0)
    airbrake-ruby (6.2.0)
      rbtree3 (~> 0.5)
    asciidoctor (2.0.18)
    bluecloth (2.2.0)
    concurrent-ruby (1.1.10)
    deep_merge (1.2.2)
    diff-lcs (1.5.0)
    facter (4.3.0)
      hocon (~> 1.3)
      thor (>= 1.0.1, < 2.0)
    faraday (2.7.4)
      faraday-net_http (>= 2.0, < 3.1)
      ruby2_keywords (>= 0.0.4)
    faraday-follow_redirects (0.3.0)
      faraday (>= 1, < 3)
    faraday-net_http (3.0.2)
    fast_gettext (2.3.0)
    github-markup (4.0.1)
    hiera (3.12.0)
    hocon (1.3.1)
    i18n (1.12.0)
      concurrent-ruby (~> 1.0)
    json (2.6.3)
    kramdown (2.4.0)
      rexml
    locale (2.1.3)
    maruku (0.7.3)
    mini_portile2 (2.8.1)
    minitar (0.9)
    minitest (5.17.0)
    multi_json (1.15.0)
    mustermann (3.0.0)
      ruby2_keywords (~> 0.0.1)
    net-http-persistent (2.9.4)
    nio4r (2.5.8)
    passenger (6.0.17)
      rack
      rake (>= 0.8.1)
    pg (1.4.5)
    puma (6.1.0)
      nio4r (~> 2.0)
    puppet (7.23.0)
      concurrent-ruby (~> 1.0, < 1.2.0)
      deep_merge (~> 1.0)
      facter (> 2.0.1, < 5)
      fast_gettext (>= 1.1, < 3)
      hiera (>= 3.2.1, < 4)
      locale (~> 2.1)
      multi_json (~> 1.10)
      puppet-resource_api (~> 1.5)
      scanf (~> 1.0)
      semantic_puppet (~> 1.0)
    puppet-resource_api (1.8.14)
      hocon (>= 1.0)
    puppet-strings (3.0.1)
      rgen (~> 0.9.0)
      yard (~> 0.9.5)
    puppet_forge (4.1.0)
      faraday (~> 2.0)
      faraday-follow_redirects (~> 0.3.0)
      minitar
      semantic_puppet (~> 1.0)
    rack (2.2.6.2)
    rack-protection (3.0.5)
      rack
    rack-timeout (0.6.3)
    rake (13.0.6)
    rbtree3 (0.7.0)
    rdiscount (2.2.7)
    rdoc (3.9.4)
    redcarpet (2.3.0)
    rexml (3.2.5)
    rgen (0.9.1)
    rspec (3.12.0)
      rspec-core (~> 3.12.0)
      rspec-expectations (~> 3.12.0)
      rspec-mocks (~> 3.12.0)
    rspec-core (3.12.1)
      rspec-support (~> 3.12.0)
    rspec-expectations (3.12.2)
      diff-lcs (>= 1.2.0, < 2.0)
      rspec-support (~> 3.12.0)
    rspec-mocks (3.12.3)
      diff-lcs (>= 1.2.0, < 2.0)
      rspec-support (~> 3.12.0)
    rspec-support (3.12.0)
    ruby2_keywords (0.0.5)
    scanf (1.0.0)
    semantic_puppet (1.0.4)
    sequel (5.65.0)
    sinatra (3.0.5)
      mustermann (~> 3.0)
      rack (~> 2.2, >= 2.2.4)
      rack-protection (= 3.0.5)
      tilt (~> 2.0)
    sqlite3 (1.6.1)
      mini_portile2 (~> 2.8.0)
    syntax (1.2.2)
    thor (1.2.1)
    tilt (2.1.0)
    tzinfo (2.0.6)
      concurrent-ruby (~> 1.0)
    version_sorter (2.3.0)
    webrick (1.7.0)
    yard (0.9.28)
      webrick (~> 1.7.0)
    yard-kramdown (0.0.1)
    yard-rails (0.3.0)
      yard
    yard-sd (0.0.4)

PLATFORMS
  ruby

DEPENDENCIES
  RedCloth
  activesupport
  airbrake
  asciidoctor
  bluecloth
  github-markup
  i18n
  json
  kramdown
  maruku
  net-http-persistent (~> 2.0)
  passenger
  pg
  puma
  puppet
  puppet-strings
  puppet_forge
  rack-timeout
  rake
  rdiscount
  rdoc (= 3.9.4)
  redcarpet (= 2.3.0)
  rspec
  sequel
  sinatra (>= 1.3)
  sqlite3
  syntax
  version_sorter
  yard
  yard-kramdown
  yard-rails
  yard-sd

BUNDLED WITH
   1.16.2
